GEM
  remote: http://rubygems.org/
  specs:
    activesupport (3.0.9)
    chunky_png (1.2.8)
    compass (0.12.2)
      chunky_png (~> 1.2)
      fssm (>= 0.2.7)
      sass (~> 3.1)
    fssm (0.2.10)
    i18n (0.6.0)
    rack (1.5.2)
    rack-test (0.6.1)
      rack (>= 1.0)
    sass (3.2.7)
    serve (1.5.1)
      activesupport (~> 3.0)
      i18n
      rack (~> 1.2)
      rack-test (~> 0.5)
      tilt (~> 1.3)
      tzinfo
    tilt (1.4.1)
    tzinfo (0.3.33)

PLATFORMS
  ruby

DEPENDENCIES
  compass
  serve (= 1.5.1)
