GIT
  remote: git@github.com:chriseppstein/compass.git
  revision: a23739da1b25c066a11403357803bc2b7f7aea4d
  specs:
    compass (0.13.alpha.4.a23739d)
      chunky_png (~> 1.2)
      listen (~> 1.1.0)
      sass (~> 3.3.0.alpha)

GIT
  remote: git@github.com:nex3/sass.git
  revision: af904635d4da0719e029b715cd2acb9fa6446b0a
  specs:
    sass (3.3.0.alpha.0)
      listen (~> 1.1.0)

GEM
  remote: https://rubygems.org/
  specs:
    activesupport (3.2.14)
      i18n (~> 0.6, >= 0.6.4)
      multi_json (~> 1.0)
    atomic (1.1.14)
    chunky_png (1.2.8)
    ffi (1.9.0)
    i18n (0.6.5)
    listen (1.1.6)
      rb-fsevent (>= 0.9.3)
      rb-inotify (>= 0.9)
      rb-kqueue (>= 0.2)
    multi_json (1.8.1)
    rack (1.5.2)
    rack-test (0.6.2)
      rack (>= 1.0)
    rb-fsevent (0.9.3)
    rb-inotify (0.9.2)
      ffi (>= 0.5.0)
    rb-kqueue (0.2.0)
      ffi (>= 0.5.0)
    sassy-math (1.5)
      compass (~> 0.11)
    serve (1.5.1)
      activesupport (~> 3.0)
      i18n
      rack (~> 1.2)
      rack-test (~> 0.5)
      tilt (~> 1.3)
      tzinfo
    thread_safe (0.1.3)
      atomic
    tilt (1.4.1)
    tzinfo (1.1.0)
      thread_safe (~> 0.1)

PLATFORMS
  ruby

DEPENDENCIES
  compass!
  sass!
  sassy-math
  serve (= 1.5.1)
